PATH
  remote: .
  specs:
    findbcorps (0.0.1)

GEM
  remote: https://rubygems.org/
  specs:
    coderay (1.1.2)
    colored (1.2)
    colorize (0.8.1)
    diff-lcs (1.5.1)
    marc (1.0.2)
      scrub_rb (>= 1.0.1, < 2)
      unf
    method_source (0.9.2)
    mini_portile2 (2.8.5)
    nokogiri (1.15.6)
      mini_portile2 (~> 2.8.2)
      racc (~> 1.4)
    openurl (1.0.0)
      marc
      scrub_rb (~> 1.0)
    pry (0.12.2)
      coderay (~> 1.1.0)
      method_source (~> 0.9.0)
    racc (1.7.3)
    rake (10.5.0)
    rspec (3.13.0)
      rspec-core (~> 3.13.0)
      rspec-expectations (~> 3.13.0)
      rspec-mocks (~> 3.13.0)
    rspec-core (3.13.0)
      rspec-support (~> 3.13.0)
    rspec-expectations (3.13.0)
      diff-lcs (>= 1.2.0, < 2.0)
      rspec-support (~> 3.13.0)
    rspec-mocks (3.13.0)
      diff-lcs (>= 1.2.0, < 2.0)
      rspec-support (~> 3.13.0)
    rspec-support (3.13.1)
    scrub_rb (1.0.1)
    unf (0.1.4)
      unf_ext
    unf_ext (0.0.7.5)

PLATFORMS
  ruby

DEPENDENCIES
  bundler (~> 1.17)
  colored
  colorize
  findbcorps!
  nokogiri
  openurl
  pry
  rake (~> 10.0)
  rspec

BUNDLED WITH
   1.17.1
